GIT
  remote: https://github.com/ontoportal-lirmm/ontologies_api_ruby_client.git
  revision: f5b82f304abaf6f0a4ee671729120973084189e5
  branch: development
  specs:
    ontologies_api_client (2.2.0)
      activesupport (~> 7.0.4)
      excon (= 0.112.0)
      faraday
      faraday-excon (~> 2.0.0)
      faraday-multipart
      lz4-ruby
      multi_json
      oj
      parallel
      request_store
      spawnling (= 2.1.5)

GEM
  remote: https://rubygems.org/
  specs:
    activesupport (7.0.8.7)
      concurrent-ruby (~> 1.0, >= 1.0.2)
      i18n (>= 1.6, < 2)
      minitest (>= 5.1)
      tzinfo (~> 2.0)
    bigdecimal (3.1.9)
    coderay (1.1.3)
    concurrent-ruby (1.3.5)
    excon (0.112.0)
    faraday (2.0.1)
      faraday-net_http (~> 2.0)
      ruby2_keywords (>= 0.0.4)
    faraday-excon (2.0.0)
      excon (>= 0.27.4)
      faraday (~> 2.0.0.alpha.pre.2)
    faraday-multipart (1.1.0)
      multipart-post (~> 2.0)
    faraday-net_http (2.1.0)
    i18n (1.14.7)
      concurrent-ruby (~> 1.0)
    lz4-ruby (0.3.3)
    method_source (1.1.0)
    minitest (5.25.5)
    multi_json (1.15.0)
    multipart-post (2.4.1)
    oj (3.16.10)
      bigdecimal (>= 3.0)
      ostruct (>= 0.2)
    ostruct (0.6.1)
    parallel (1.26.3)
    pry (0.15.2)
      coderay (~> 1.1)
      method_source (~> 1.0)
    rack (2.2.13)
    request_store (1.7.0)
      rack (>= 1.4)
    ruby2_keywords (0.0.5)
    spawnling (2.1.5)
    tzinfo (2.0.6)
      concurrent-ruby (~> 1.0)

PLATFORMS
  arm64-darwin-24
  ruby

DEPENDENCIES
  activesupport (~> 7.0.3)
  ontologies_api_client!
  parallel
  pry

BUNDLED WITH
   2.6.3
